GIT
  remote: git://github.com/MiniProfiler/rack-mini-profiler.git
  revision: faece4848dc04bd9aaa028becb4d561d0063666c
  specs:
    rack-mini-profiler (0.10.1)
      rack (>= 1.2.0)

GIT
  remote: git://github.com/bogdan/hirb.git
  revision: b5aa3ec0c33466d7de07264611955d9dbf4c3e8b
  branch: render-nils
  specs:
    hirb (0.7.3)

GIT
  remote: git://github.com/logankoester/guard-rails_best_practices.git
  revision: 1f4b2edfb39505badcdbec8d9a7158b5ae117e23
  specs:
    guard-rails_best_practices (0.1.3)
      guard (>= 2.10.1)
      rails_best_practices (>= 1.1.0)

GIT
  remote: git://github.com/rails-sqlserver/activerecord-sqlserver-adapter.git
  revision: bec007eae766cbcab10c7ae4597a8657d96290c2
  branch: rails5
  specs:
    activerecord-sqlserver-adapter (5.0.0)
      activerecord (~> 5.0.0)

GEM
  remote: https://rubygems.org/
  specs:
    actioncable (5.0.0)
      actionpack (= 5.0.0)
      nio4r (~> 1.2)
      websocket-driver (~> 0.6.1)
    actionmailer (5.0.0)
      actionpack (= 5.0.0)
      actionview (= 5.0.0)
      activejob (= 5.0.0)
      mail (~> 2.5, >= 2.5.4)
      rails-dom-testing (~> 2.0)
    actionpack (5.0.0)
      actionview (= 5.0.0)
      activesupport (= 5.0.0)
      rack (~> 2.0)
      rack-test (~> 0.6.3)
      rails-dom-testing (~> 2.0)
      rails-html-sanitizer (~> 1.0, >= 1.0.2)
    actionview (5.0.0)
      activesupport (= 5.0.0)
      builder (~> 3.1)
      erubis (~> 2.7.0)
      rails-dom-testing (~> 2.0)
      rails-html-sanitizer (~> 1.0, >= 1.0.2)
    activejob (5.0.0)
      activesupport (= 5.0.0)
      globalid (>= 0.3.6)
    activemodel (5.0.0)
      activesupport (= 5.0.0)
    activerecord (5.0.0)
      activemodel (= 5.0.0)
      activesupport (= 5.0.0)
      arel (~> 7.0)
    activesupport (5.0.0)
      concurrent-ruby (~> 1.0, >= 1.0.2)
      i18n (~> 0.7)
      minitest (~> 5.1)
      tzinfo (~> 1.1)
    addressable (2.4.0)
    annotate (2.7.1)
      activerecord (>= 3.2, < 6.0)
      rake (>= 10.4, < 12.0)
    arel (7.1.1)
    ast (2.3.0)
    awesome_print (1.7.0)
    axiom-types (0.1.1)
      descendants_tracker (~> 0.0.4)
      ice_nine (~> 0.11.0)
      thread_safe (~> 0.3, >= 0.3.1)
    better_errors (2.1.1)
      coderay (>= 1.0.0)
      erubis (>= 2.6.6)
      rack (>= 0.9.0)
    binding_of_caller (0.7.2)
      debug_inspector (>= 0.0.1)
    brakeman (3.3.5)
    builder (3.2.2)
    bullet (5.3.0)
      activesupport (>= 3.0.0)
      uniform_notifier (~> 1.10.0)
    byebug (9.0.5)
    callsite (0.0.11)
    code_analyzer (0.4.7)
      sexp_processor
    codeclimate-engine-rb (0.3.1)
      virtus (~> 1.0)
    coderay (1.1.1)
    coercible (1.0.0)
      descendants_tracker (~> 0.0.1)
    coffee-script (2.4.1)
      coffee-script-source
      execjs
    coffee-script-source (1.10.0)
    colorize (0.8.1)
    concurrent-ruby (1.0.2)
    connection_pool (2.2.0)
    debug_inspector (0.0.2)
    descendants_tracker (0.0.4)
      thread_safe (~> 0.3, >= 0.3.1)
    diff-lcs (1.2.5)
    easy_translate (0.5.0)
      json
      thread
      thread_safe
    em-websocket (0.5.1)
      eventmachine (>= 0.12.9)
      http_parser.rb (~> 0.6.0)
    equalizer (0.0.11)
    erubis (2.7.0)
    eventmachine (1.2.0.1)
    execjs (2.7.0)
    ffi (1.9.14)
    flay (2.8.0)
      erubis (~> 2.7.0)
      path_expander (~> 1.0)
      ruby_parser (~> 3.0)
      sexp_processor (~> 4.0)
    flog (4.4.0)
      path_expander (~> 1.0)
      ruby_parser (~> 3.1, > 3.1.0)
      sexp_processor (~> 4.4)
    foreman (0.82.0)
      thor (~> 0.19.1)
    formatador (0.2.5)
    globalid (0.3.7)
      activesupport (>= 4.1.0)
    guard (2.14.0)
      formatador (>= 0.2.4)
      listen (>= 2.7, < 4.0)
      lumberjack (~> 1.0)
      nenv (~> 0.1)
      notiffany (~> 0.0)
      pry (>= 0.9.12)
      shellany (~> 0.0)
      thor (>= 0.18.1)
    guard-annotate (2.3)
      annotate (~> 2.4, >= 2.4.0)
      guard-compat (~> 1.2, >= 1.2.1)
    guard-brakeman (0.8.3)
      brakeman (>= 2.1.1)
      guard (>= 2.0.0)
    guard-bundler (2.1.0)
      bundler (~> 1.0)
      guard (~> 2.2)
      guard-compat (~> 1.1)
    guard-coffeescript (2.0.1)
      coffee-script (>= 2.2.0)
      guard (>= 2.1.0)
      guard-compat (~> 1.1)
    guard-compat (1.2.1)
    guard-foreman (0.0.4)
      guard (~> 2.6)
      spoon (~> 0.0, >= 0.0.4)
    guard-livereload (2.5.2)
      em-websocket (~> 0.5)
      guard (~> 2.8)
      guard-compat (~> 1.0)
      multi_json (~> 1.8)
    guard-rspec (4.7.3)
      guard (~> 2.1)
      guard-compat (~> 1.1)
      rspec (>= 2.99.0, < 4.0)
    guard-rubocop (1.2.0)
      guard (~> 2.0)
      rubocop (~> 0.20)
    guard-sass (1.6.1)
      guard (>= 2.8.0)
      sass (>= 3.1)
    guard-shell (0.7.1)
      guard (>= 2.0.0)
      guard-compat (~> 1.0)
    guard-sidekiq (0.1.0)
      guard (>= 2)
      sidekiq
    highline (1.7.8)
    http_parser.rb (0.6.0)
    i18n (0.7.0)
    i18n-tasks (0.8.7)
      activesupport (>= 2.3.18)
      easy_translate (>= 0.5.0)
      erubis
      highline (>= 1.7.3)
      i18n
      term-ansicolor (>= 1.3.2)
      terminal-table (>= 1.5.1)
    ice_nine (0.11.2)
    interception (0.5)
    json (2.0.2)
    launchy (2.4.3)
      addressable (~> 2.3)
    listen (3.0.8)
      rb-fsevent (~> 0.9, >= 0.9.4)
      rb-inotify (~> 0.9, >= 0.9.7)
    loofah (2.0.3)
      nokogiri (>= 1.5.9)
    lumberjack (1.0.10)
    mail (2.6.4)
      mime-types (>= 1.16, < 4)
    meta_request (0.4.0)
      callsite (~> 0.0, >= 0.0.11)
      rack-contrib (~> 1.1)
      railties (>= 3.0.0, < 5.1.0)
    method_source (0.8.2)
    mime-types (3.1)
      mime-types-data (~> 3.2015)
    mime-types-data (3.2016.0521)
    mini_portile2 (2.1.0)
    minitest (5.9.0)
    multi_json (1.12.1)
    nenv (0.3.0)
    nio4r (1.2.1)
    nokogiri (1.6.8)
      mini_portile2 (~> 2.1.0)
      pkg-config (~> 1.1.7)
    notiffany (0.1.1)
      nenv (~> 0.1)
      shellany (~> 0.0)
    parser (2.3.1.2)
      ast (~> 2.2)
    path_expander (1.0.0)
    pg (0.18.4)
    pkg-config (1.1.7)
    powerpack (0.1.1)
    pry (0.10.4)
      coderay (~> 1.1.0)
      method_source (~> 0.8.1)
      slop (~> 3.4)
    pry-byebug (3.4.0)
      byebug (~> 9.0)
      pry (~> 0.10)
    pry-doc (0.9.0)
      pry (~> 0.9)
      yard (~> 0.8)
    pry-rails (0.3.4)
      pry (>= 0.9.10)
    pry-rescue (1.4.4)
      interception (>= 0.5)
      pry
    pry-stack_explorer (0.4.9.2)
      binding_of_caller (>= 0.7)
      pry (>= 0.9.11)
    puma (3.6.0)
    rack (2.0.1)
    rack-contrib (1.2.0)
      rack (>= 0.9.1)
    rack-livereload (0.3.16)
      rack
    rack-test (0.6.3)
      rack (>= 1.0)
    rails (5.0.0)
      actioncable (= 5.0.0)
      actionmailer (= 5.0.0)
      actionpack (= 5.0.0)
      actionview (= 5.0.0)
      activejob (= 5.0.0)
      activemodel (= 5.0.0)
      activerecord (= 5.0.0)
      activesupport (= 5.0.0)
      bundler (>= 1.3.0, < 2.0)
      railties (= 5.0.0)
      sprockets-rails (>= 2.0.0)
    rails-dom-testing (2.0.1)
      activesupport (>= 4.2.0, < 6.0)
      nokogiri (~> 1.6.0)
    rails-html-sanitizer (1.0.3)
      loofah (~> 2.0)
    rails_best_practices (1.17.0)
      activesupport
      code_analyzer (>= 0.4.3)
      erubis
      i18n
      json
      require_all
      ruby-progressbar
    railties (5.0.0)
      actionpack (= 5.0.0)
      activesupport (= 5.0.0)
      method_source
      rake (>= 0.8.7)
      thor (>= 0.18.1, < 2.0)
    rainbow (2.1.0)
    rake (11.2.2)
    rb-fsevent (0.9.7)
    rb-inotify (0.9.7)
      ffi (>= 0.5.0)
    redis (3.3.1)
    reek (4.1.0)
      codeclimate-engine-rb (~> 0.3.1)
      parser (~> 2.3.1, >= 2.3.1.2)
      rainbow (~> 2.0)
    require_all (1.3.3)
    rspec (3.5.0)
      rspec-core (~> 3.5.0)
      rspec-expectations (~> 3.5.0)
      rspec-mocks (~> 3.5.0)
    rspec-core (3.5.2)
      rspec-support (~> 3.5.0)
    rspec-expectations (3.5.0)
      diff-lcs (>= 1.2.0, < 2.0)
      rspec-support (~> 3.5.0)
    rspec-mocks (3.5.0)
      diff-lcs (>= 1.2.0, < 2.0)
      rspec-support (~> 3.5.0)
    rspec-support (3.5.0)
    rubocop (0.42.0)
      parser (>= 2.3.1.1, < 3.0)
      powerpack (~> 0.1)
      rainbow (>= 1.99.1, < 3.0)
      ruby-progressbar (~> 1.7)
      unicode-display_width (~> 1.0, >= 1.0.1)
    ruby-progressbar (1.8.1)
    ruby_gntp (0.3.4)
    ruby_parser (3.8.2)
      sexp_processor (~> 4.1)
    rubycritic (2.9.3)
      colorize
      flay (= 2.8.0)
      flog (= 4.4.0)
      launchy (= 2.4.3)
      parser (= 2.3.1.2)
      reek (= 4.1.0)
      ruby_parser (~> 3.8)
      virtus (~> 1.0)
    sass (3.4.22)
    sass-rails (5.0.6)
      railties (>= 4.0.0, < 6)
      sass (~> 3.1)
      sprockets (>= 2.8, < 4.0)
      sprockets-rails (>= 2.0, < 4.0)
      tilt (>= 1.1, < 3)
    sexp_processor (4.7.0)
    sextant (0.2.4)
      rails (>= 3.2)
    shellany (0.0.1)
    sidekiq (4.1.2)
      concurrent-ruby (~> 1.0)
      connection_pool (~> 2.2, >= 2.2.0)
      redis (~> 3.2, >= 3.2.1)
    slop (3.6.0)
    spoon (0.0.4)
      ffi
    spring (1.7.2)
    spring-watcher-listen (2.0.0)
      listen (>= 2.7, < 4.0)
      spring (~> 1.2)
    sprockets (3.7.0)
      concurrent-ruby (~> 1.0)
      rack (> 1, < 3)
    sprockets-rails (3.1.1)
      actionpack (>= 4.0)
      activesupport (>= 4.0)
      sprockets (>= 3.0.0)
    term-ansicolor (1.3.2)
      tins (~> 1.0)
    terminal-notifier (1.6.3)
    terminal-notifier-guard (1.7.0)
    terminal-table (1.6.0)
    thor (0.19.1)
    thread (0.2.2)
    thread_safe (0.3.5)
    tilt (2.0.5)
    tins (1.12.0)
    tiny_tds (1.0.4)
      mini_portile2 (~> 2.0)
    traceroute (0.5.0)
      rails (>= 3.0.0)
    tzinfo (1.2.2)
      thread_safe (~> 0.1)
    uglifier (3.0.2)
      execjs (>= 0.3.0, < 3)
    unicode-display_width (1.1.0)
    uniform_notifier (1.10.0)
    virtus (1.0.5)
      axiom-types (~> 0.1)
      coercible (~> 1.0)
      descendants_tracker (~> 0.0, >= 0.0.3)
      equalizer (~> 0.0, >= 0.0.9)
    web-console (3.3.1)
      actionview (>= 5.0)
      activemodel (>= 5.0)
      debug_inspector
      railties (>= 5.0)
    websocket-driver (0.6.4)
      websocket-extensions (>= 0.1.0)
    websocket-extensions (0.1.2)
    yard (0.9.5)

PLATFORMS
  ruby

DEPENDENCIES
  activerecord-sqlserver-adapter (>= 4.2.15)!
  awesome_print
  better_errors
  binding_of_caller
  brakeman
  bullet
  byebug
  foreman
  guard
  guard-annotate
  guard-brakeman
  guard-bundler
  guard-coffeescript
  guard-foreman
  guard-livereload (~> 2.5.2)
  guard-rails_best_practices!
  guard-rspec
  guard-rubocop
  guard-sass
  guard-shell
  guard-sidekiq
  hirb!
  i18n-tasks (~> 0.8.7)
  listen (~> 3.0.5)
  meta_request
  pg (~> 0.18)
  pry
  pry-byebug
  pry-doc
  pry-rails
  pry-rescue
  pry-stack_explorer
  puma (~> 3.0)
  rack-livereload
  rack-mini-profiler!
  rails (= 5.0.0)
  rails_best_practices
  rb-fsevent
  rubocop
  ruby_gntp
  rubycritic
  sass-rails (~> 5.0)
  sextant
  spring
  spring-watcher-listen (~> 2.0.0)
  terminal-notifier
  terminal-notifier-guard
  tiny_tds
  traceroute
  tzinfo-data
  uglifier (>= 1.3.0)
  web-console

RUBY VERSION
   ruby 2.3.1p112

BUNDLED WITH
   1.12.5
